PATH
  remote: .
  specs:
    freeling-client (0.0.1)
      hashie (~> 3)

GEM
  remote: https://rubygems.org/
  specs:
    hashie (3.3.2)
    minitest (5.4.3)
    rake (10.3.2)

PLATFORMS
  ruby

DEPENDENCIES
  bundler (~> 1.7)
  freeling-client!
  minitest (~> 5)
  rake (~> 10.3)
